GEM
  remote: http://rubygems.org/
  specs:
    haml (3.1.7)
    pg (0.14.1)
    postgres (0.8.1)
      pg (~> 0)
    rack (1.4.1)
    rack-protection (1.2.0)
      rack
    sequel (3.40.0)
    sinatra (1.3.3)
      rack (~> 1.3, >= 1.3.6)
      rack-protection (~> 1.2)
      tilt (~> 1.3, >= 1.3.3)
    sinatra-sequel (0.9.0)
      sequel (>= 3.2.0)
      sinatra (>= 0.9.4)
    sqlite3 (1.3.6)
    tilt (1.3.3)

PLATFORMS
  java
  ruby

DEPENDENCIES
  haml
  postgres
  sequel
  sinatra
  sinatra-sequel
  sqlite3
